GEM
  remote: https://rubygems.org/
  specs:
    nio4r (2.5.8)
    puma (6.0.2)
      nio4r (~> 2.0)
    rack (3.0.2)

PLATFORMS
  arm64-darwin-21

DEPENDENCIES
  puma
  rack

BUNDLED WITH
   2.3.26
